GEM
  remote: https://rubygems.org/
  specs:
    bubble-wrap (1.8.0)
    teacup (3.0.1)

PLATFORMS
  ruby

DEPENDENCIES
  bubble-wrap
  teacup
