GEM
  remote: https://rubygems.org/
  specs:
    teacup (3.0.1)

PLATFORMS
  ruby

DEPENDENCIES
  teacup
